PATH
  remote: .
  specs:
    hetzner-k3s (0.5.9-java)
      childprocess
      ed25519
      httparty
      jruby-openssl
      net-ssh
      sshkey
      thor

GEM
  remote: https://rubygems.org/
  specs:
    ast (2.4.2)
    childprocess (4.1.0)
    ed25519 (1.3.0-java)
    httparty (0.20.0)
      mime-types (~> 3.0)
      multi_xml (>= 0.5.2)
    jruby-openssl (0.14.0-java)
    json (2.6.2-java)
    mime-types (3.4.1)
      mime-types-data (~> 3.2015)
    mime-types-data (3.2022.0105)
    multi_xml (0.6.0)
    net-ssh (7.0.1)
    parallel (1.22.1)
    parser (3.1.2.1)
      ast (~> 2.4.1)
    rainbow (3.1.1)
    regexp_parser (2.5.0)
    rexml (3.2.5)
    rubocop (1.35.1)
      json (~> 2.3)
      parallel (~> 1.10)
      parser (>= 3.1.2.1)
      rainbow (>= 2.2.2, < 4.0)
      regexp_parser (>= 1.8, < 3.0)
      rexml (>= 3.2.5, < 4.0)
      rubocop-ast (>= 1.20.1, < 2.0)
      ruby-progressbar (~> 1.7)
      unicode-display_width (>= 1.4.0, < 3.0)
    rubocop-ast (1.21.0)
      parser (>= 3.1.1.0)
    ruby-progressbar (1.11.0)
    sshkey (2.0.0)
    thor (1.2.1)
    unicode-display_width (2.2.0)

PLATFORMS
  universal-java-17

DEPENDENCIES
  hetzner-k3s!
  rubocop

BUNDLED WITH
   2.3.21
